NUGET
  remote: https://www.nuget.org/api/v2
    FAKE (4.50)
    FantomasCLI (2.3)
