NUGET
  remote: https://www.nuget.org/api/v2
    FAKE (4.39.1)
    FantomasCLI (2.3)
    NUnit (3.4.1)
